GEM
  remote: https://rubygems.org/
  specs:
    nbtfile (0.2.0)

PLATFORMS
  ruby

DEPENDENCIES
  nbtfile

BUNDLED WITH
   1.10.6
